GEM
  remote: https://rubygems.org/
  specs:
    chronic (0.10.2)
    rack (1.6.4)
    rack-protection (1.5.3)
      rack
    redcarpet (3.3.2)
    shotgun (0.9.1)
      rack (>= 1.0)
    sinatra (1.4.6)
      rack (~> 1.4)
      rack-protection (~> 1.4)
      tilt (>= 1.3, < 3)
    tilt (2.0.1)

PLATFORMS
  ruby

DEPENDENCIES
  chronic
  redcarpet
  shotgun
  sinatra

BUNDLED WITH
   1.10.5
