GEM
  remote: https://rubygems.org/
  specs:
    chronic (0.10.2)
    foreman (0.78.0)
      thor (~> 0.19.1)
    puma (2.14.0)
    rack (1.6.4)
    rack-protection (1.5.3)
      rack
    redcarpet (3.3.2)
    sinatra (1.4.6)
      rack (~> 1.4)
      rack-protection (~> 1.4)
      tilt (>= 1.3, < 3)
    thor (0.19.1)
    tilt (2.0.1)

PLATFORMS
  ruby

DEPENDENCIES
  chronic
  foreman
  puma
  redcarpet
  sinatra

BUNDLED WITH
   1.10.5
